GEM
  remote: https://rubygems.org/
  specs:
    bigdecimal (3.1.6)
    ffi (1.16.3)
    listen (3.8.0)
      rb-fsevent (~> 0.10, >= 0.10.3)
      rb-inotify (~> 0.9, >= 0.9.10)
    nio4r (2.7.0)
    pg (1.5.4)
    puma (6.4.2)
      nio4r (~> 2.0)
    rack (3.0.9)
    rackup (2.1.0)
      rack (>= 3)
      webrick (~> 1.8)
    rake (13.1.0)
    rb-fsevent (0.11.2)
    rb-inotify (0.10.1)
      ffi (~> 1.0)
    rerun (0.14.0)
      listen (~> 3.0)
    roda (3.76.0)
      rack
    sequel (5.77.0)
      bigdecimal
    tilt (2.3.0)
    webrick (1.8.1)

PLATFORMS
  arm64-darwin-22
  ruby

DEPENDENCIES
  pg
  puma
  rack
  rackup
  rake
  rerun
  roda
  sequel
  tilt

BUNDLED WITH
   2.5.5
